GEM
  remote: http://rubygems.org/
  specs:
    addressable (2.2.8)
    awesome_print (1.0.2)
    coderay (1.0.7)
    colorize (0.5.8)
    excon (0.14.3)
    ffi (1.0.11)
    git-smart (0.1.9)
      colorize
    heroku (2.28.8)
      heroku-api (~> 0.2.6)
      launchy (>= 0.3.2)
      netrc (~> 0.7.5)
      rest-client (~> 1.6.1)
      rubyzip
    heroku-api (0.2.7)
      excon (~> 0.14.3)
    json (1.7.3)
    launchy (2.1.0)
      addressable (~> 2.2.6)
    method_source (0.7.1)
    mime-types (1.19)
    netrc (0.7.5)
    omglog (0.0.7)
      rb-fsevent (~> 0.9.0)
      rb-inotify (~> 0.8.8)
    pry (0.9.9.6)
      coderay (~> 1.0.5)
      method_source (~> 0.7.1)
      slop (>= 2.4.4, < 3)
    pry-theme (0.0.9)
      json
      pry (~> 0.9)
    rb-fsevent (0.9.1)
    rb-inotify (0.8.8)
      ffi (>= 0.5.0)
    rest-client (1.6.7)
      mime-types (>= 1.16)
    rubyzip (0.9.9)
    slop (2.4.4)

PLATFORMS
  ruby

DEPENDENCIES
  awesome_print
  git-smart
  heroku
  omglog
  pry
  pry-theme
