GEM
  remote: http://rubygems.org/
  specs:
    awesome_print (1.0.2)
    coderay (1.0.7)
    colorize (0.5.8)
    ffi (1.0.11)
    ffi (1.0.11-java)
    foreman (0.60.2)
      thor (>= 0.13.6)
    git-smart (0.1.9)
      colorize
    json (1.7.3)
    json (1.7.3-java)
    method_source (0.7.1)
    omglog (0.0.7)
      rb-fsevent (~> 0.9.0)
      rb-inotify (~> 0.8.8)
    pry (0.9.9.6)
      coderay (~> 1.0.5)
      method_source (~> 0.7.1)
      slop (>= 2.4.4, < 3)
    pry (0.9.9.6-java)
      coderay (~> 1.0.5)
      method_source (~> 0.7.1)
      slop (>= 2.4.4, < 3)
      spoon (~> 0.0)
    pry-theme (0.0.9)
      json
      pry (~> 0.9)
    rb-fsevent (0.9.1)
    rb-inotify (0.8.8)
      ffi (>= 0.5.0)
    slop (2.4.4)
    spoon (0.0.1)
    thor (0.16.0)

PLATFORMS
  java
  ruby

DEPENDENCIES
  awesome_print
  foreman
  git-smart
  omglog
  pry
  pry-theme
